PATH
  remote: ./mork
  specs:
    mork (0.5.0)
      mini_magick (~> 4.0)
      narray (~> 0.6)
      prawn (~> 1.3)

GEM
  remote: https://rubygems.org/
  specs:
    backports (3.6.5)
    byebug (5.0.0)
      columnize (= 0.9.0)
    columnize (0.9.0)
    mini_magick (4.2.7)
    multi_json (1.11.2)
    narray (0.6.1.1)
    pdf-core (0.4.0)
    prawn (1.3.0)
      pdf-core (~> 0.4.0)
      ttfunk (~> 1.4.0)
    rack (1.6.4)
    rack-protection (1.5.3)
      rack
    rack-test (0.6.3)
      rack (>= 1.0)
    sinatra (1.4.6)
      rack (~> 1.4)
      rack-protection (~> 1.4)
      tilt (>= 1.3, < 3)
    sinatra-contrib (1.4.6)
      backports (>= 2.0)
      multi_json
      rack-protection
      rack-test
      sinatra (~> 1.4.0)
      tilt (>= 1.3, < 3)
    tilt (2.0.1)
    ttfunk (1.4.0)

PLATFORMS
  ruby

DEPENDENCIES
  byebug
  mork!
  sinatra
  sinatra-contrib

BUNDLED WITH
   1.10.4
